GIT
  remote: git://github.com/mfine/github.git
  revision: fc7024a0c93583a018daccf5150f882fbf790e3d
  specs:
    github_api (0.8.10)
      faraday (~> 0.8.1)
      hashie (~> 1.2.0)
      multi_json (~> 1.4)
      nokogiri (~> 1.5.2)
      oauth2

GEM
  remote: http://rubygems.org/
  specs:
    faraday (0.8.5)
      multipart-post (~> 1.1)
    hashie (1.2.0)
    httpauth (0.2.0)
    jwt (0.1.5)
      multi_json (>= 1.0)
    multi_json (1.5.0)
    multipart-post (1.1.5)
    nokogiri (1.5.6)
    oauth2 (0.8.0)
      faraday (~> 0.8)
      httpauth (~> 0.1)
      jwt (~> 0.1.4)
      multi_json (~> 1.0)
      rack (~> 1.2)
    pg (0.14.1)
    press (0.20)
    rack (1.5.2)
    sequel (3.41.0)

PLATFORMS
  ruby

DEPENDENCIES
  github_api!
  pg
  press
  sequel
